PATH
  remote: ../converter
  specs:
    converter (0.0.0)

GEM
  remote: https://rubygems.org/
  specs:
    concurrent-ruby (1.1.6)
    i18n (1.8.5)
      concurrent-ruby (~> 1.0)
    money (6.13.8)
      i18n (>= 0.6.4, <= 2)

PLATFORMS
  ruby

DEPENDENCIES
  converter!
  money (>= 6.13.6)!

BUNDLED WITH
   2.1.2
